GEM
  remote: https://rubygems.org/
  specs:
    ast (2.4.1)
    aws-eventstream (1.3.0)
    aws-partitions (1.887.0)
    aws-sdk-apigateway (1.91.0)
      aws-sdk-core (~> 3, >= 3.191.0)
      aws-sigv4 (~> 1.1)
    aws-sdk-core (3.191.0)
      aws-eventstream (~> 1, >= 1.3.0)
      aws-partitions (~> 1, >= 1.651.0)
      aws-sigv4 (~> 1.8)
      jmespath (~> 1, >= 1.6.1)
    aws-sigv4 (1.8.0)
      aws-eventstream (~> 1, >= 1.0.2)
    equatable (0.5.0)
    jmespath (1.6.2)
    metaclass (0.0.4)
    minitest (5.11.3)
    minitest-hooks (1.5.0)
      minitest (> 5.3)
    mocha (1.8.0)
      metaclass (~> 0.0.1)
    parallel (1.19.2)
    parser (2.7.1.4)
      ast (~> 2.4.1)
    pastel (0.7.2)
      equatable (~> 0.5.0)
      tty-color (~> 0.4.0)
    rainbow (3.0.0)
    rake (12.3.3)
    regexp_parser (1.7.1)
    rexml (3.3.3)
      strscan
    rubocop (0.89.1)
      parallel (~> 1.10)
      parser (>= 2.7.1.1)
      rainbow (>= 2.2.2, < 4.0)
      regexp_parser (>= 1.7)
      rexml
      rubocop-ast (>= 0.3.0, < 1.0)
      ruby-progressbar (~> 1.7)
      unicode-display_width (>= 1.4.0, < 2.0)
    rubocop-ast (0.3.0)
      parser (>= 2.7.1.4)
    ruby-progressbar (1.10.1)
    strscan (3.1.0)
    tty-color (0.4.3)
    tty-cursor (0.7.1)
    tty-spinner (0.9.3)
      tty-cursor (~> 0.7)
    unicode-display_width (1.7.0)

PLATFORMS
  ruby

DEPENDENCIES
  aws-sdk-apigateway (~> 1.91.0)
  minitest (= 5.11.3)
  minitest-hooks (= 1.5.0)
  mocha (= 1.8.0)
  pastel (~> 0.7.2)
  rake (= 12.3.3)
  rubocop (>= 0.89.1)
  tty-spinner (= 0.9.3)

BUNDLED WITH
   2.5.6
